GEM
  remote: https://rubygems.org/
  specs:
    glfw3 (0.4.8)
    opengl-aux (1.0.0.pre3)
      opengl-core (~> 2.0)
      snow-data (~> 1.3, >= 1.3.1)
    opengl-core (2.0.1)
    snow-data (1.3.1)

PLATFORMS
  ruby
  x86-mingw32

DEPENDENCIES
  glfw3
  opengl-aux
  opengl-core
